GEM
  remote: http://rubygems.org/
  specs:
    json (1.8.1)
    mqtt (0.3.1)

PLATFORMS
  ruby

DEPENDENCIES
  json
  mqtt

BUNDLED WITH
   1.11.2
